GEM
  remote: https://rubygems.org/
  specs:
    rack (3.0.4.2)

PLATFORMS
  ruby

DEPENDENCIES
  rack (>= 2.0.9.3)

RUBY VERSION
   ruby 2.4.5p335

BUNDLED WITH
   1.17.3
