GEM
  remote: https://rubygems.org/
  specs:
    rack (2.1.4.2)

PLATFORMS
  ruby

DEPENDENCIES
  rack

RUBY VERSION
   ruby 2.4.5p335

BUNDLED WITH
   1.17.1
