GEM
  remote: https://rubygems.org/
  specs:
    rack (3.0.7)

PLATFORMS
  ruby

DEPENDENCIES
  rack (>= 3.0.0)

RUBY VERSION
   ruby 2.4.5p335

BUNDLED WITH
   1.17.3
